GIT
  remote: git://github.com/mbleigh/ruby-openid.git
  revision: 4b6fdd152edbc9d1f617056879eb03bd82b78eb4
  specs:
    ruby-openid (2.1.8)

PATH
  remote: .
  specs:
    omniauth-openid (1.0.1)
      omniauth (~> 1.0)
      rack-openid (~> 1.3.1)

GEM
  remote: http://rubygems.org/
  specs:
    addressable (2.3.8)
    coderay (1.1.0)
    crack (0.4.2)
      safe_yaml (~> 1.0.0)
    diff-lcs (1.2.5)
    docile (1.1.5)
    ffi (1.9.10)
    formatador (0.2.5)
    growl (1.0.3)
    guard (2.13.0)
      formatador (>= 0.2.4)
      listen (>= 2.7, <= 4.0)
      lumberjack (~> 1.0)
      nenv (~> 0.1)
      notiffany (~> 0.0)
      pry (>= 0.9.12)
      shellany (~> 0.0)
      thor (>= 0.18.1)
    guard-compat (1.2.1)
    guard-rspec (4.6.4)
      guard (~> 2.1)
      guard-compat (~> 1.1)
      rspec (>= 2.99.0, < 4.0)
    hashie (3.4.2)
    json (1.8.3)
    listen (3.0.3)
      rb-inotify (>= 0.9)
    lumberjack (1.0.9)
    method_source (0.8.2)
    nenv (0.2.0)
    notiffany (0.0.7)
      nenv (~> 0.1)
      shellany (~> 0.0)
    omniauth (1.2.2)
      hashie (>= 1.2, < 4)
      rack (~> 1.0)
    pry (0.10.1)
      coderay (~> 1.1.0)
      method_source (~> 0.8.1)
      slop (~> 3.4)
    rack (1.6.4)
    rack-openid (1.3.1)
      rack (>= 1.1.0)
      ruby-openid (>= 2.1.8)
    rack-protection (1.5.3)
      rack
    rack-test (0.6.3)
      rack (>= 1.0)
    rake (0.9.6)
    rb-fsevent (0.9.6)
    rb-inotify (0.9.5)
      ffi (>= 0.5.0)
    rdiscount (1.6.8)
    rspec (2.99.0)
      rspec-core (~> 2.99.0)
      rspec-expectations (~> 2.99.0)
      rspec-mocks (~> 2.99.0)
    rspec-core (2.99.2)
    rspec-expectations (2.99.2)
      diff-lcs (>= 1.1.3, < 2.0)
    rspec-mocks (2.99.4)
    safe_yaml (1.0.4)
    shellany (0.0.1)
    simplecov (0.10.0)
      docile (~> 1.1.0)
      json (~> 1.8)
      simplecov-html (~> 0.10.0)
    simplecov-html (0.10.0)
    sinatra (1.4.6)
      rack (~> 1.4)
      rack-protection (~> 1.4)
      tilt (>= 1.3, < 3)
    slop (3.6.0)
    thor (0.19.1)
    tilt (2.0.1)
    webmock (1.21.0)
      addressable (>= 2.3.6)
      crack (>= 0.3.2)
    yard (0.8.7.6)

PLATFORMS
  ruby

DEPENDENCIES
  growl
  guard
  guard-rspec
  jruby-openssl (~> 0.7)
  omniauth-openid!
  rack-test (~> 0.5)
  rake (~> 0.8)
  rb-fsevent
  rdiscount (~> 1.6)
  rspec (~> 2.7)
  ruby-openid (= 2.1.8)!
  simplecov (~> 0.4)
  sinatra
  webmock (~> 1.7)
  yard (~> 0.7)

BUNDLED WITH
   1.10.6
